GEM
  remote: http://rubygems.org/
  specs:
    abstract (1.0.0)
    dbd-mysql (0.4.4)
      dbi (>= 0.4.0)
      mysql
    dbi (0.4.5)
      deprecated (= 2.0.1)
    deprecated (2.0.1)
    fluent-query (0.9.2)
      abstract (>= 1.0.0)
      hash-utils (>= 0.18.0)
      hashie (>= 1.0.0)
    fluent-query-dbi (0.9.2)
      abstract (>= 1.0.0)
      dbi (>= 0.4.5)
      fluent-query (>= 0.9.2)
      fluent-query-sql (>= 0.9.2)
      hash-utils (>= 0.18.0)
    fluent-query-sql (0.9.2)
      abstract (>= 1.0.0)
      fluent-query (>= 0.9.2)
      hash-utils (>= 0.18.0)
    git (1.2.5)
    hash-utils (1.0.0)
      ruby-version
    hashie (1.2.0)
    jeweler2 (2.0.9)
      git (>= 1.2.5)
    mysql (2.8.1)
    ruby-version (0.3.1)

PLATFORMS
  ruby

DEPENDENCIES
  bundler (>= 1.0.13)
  dbd-mysql
  fluent-query (>= 0.9.0)
  fluent-query-dbi (>= 0.9.0)
  fluent-query-sql (>= 0.9.0)
  jeweler2 (>= 2.0.0)
